PATH
  remote: .
  specs:
    flow_object (0.1.0)
      mature_factory (~> 0.2.10)

GEM
  remote: https://rubygems.org/
  specs:
    coderay (1.1.3)
    diff-lcs (1.4.4)
    dry-inflector (0.1.2)
    mature_factory (0.2.10)
      dry-inflector (~> 0.1)
      simple_facade (~> 0.2)
    method_source (1.0.0)
    pry (0.13.1)
      coderay (~> 1.1)
      method_source (~> 1.0)
    rake (10.5.0)
    rspec (3.9.0)
      rspec-core (~> 3.9.0)
      rspec-expectations (~> 3.9.0)
      rspec-mocks (~> 3.9.0)
    rspec-core (3.9.2)
      rspec-support (~> 3.9.3)
    rspec-expectations (3.9.2)
      diff-lcs (>= 1.2.0, < 2.0)
      rspec-support (~> 3.9.0)
    rspec-mocks (3.9.1)
      diff-lcs (>= 1.2.0, < 2.0)
      rspec-support (~> 3.9.0)
    rspec-support (3.9.3)
    rspec_vars_helper (0.1.0)
      rspec (>= 2.4)
    simple_facade (0.2.1)

PLATFORMS
  ruby

DEPENDENCIES
  bundler (~> 1.17)
  flow_object!
  pry
  rake (~> 10.0)
  rspec (~> 3.0)
  rspec_vars_helper (~> 0.1)

BUNDLED WITH
   1.17.0
